GIT
  remote: git://github.com/kejadlen/alphred.git
  revision: dc7f5128c1e1bc918c2f291569c9232a2bd82740
  ref: alfred-3
  specs:
    alphred (2.0.0.dev)
      builder (~> 3.2)

GEM
  remote: https://rubygems.org/
  specs:
    builder (3.2.2)
    coderay (1.1.0)
    method_source (0.8.2)
    minitest (5.8.3)
    pry (0.10.3)
      coderay (~> 1.1.0)
      method_source (~> 0.8.1)
      slop (~> 3.4)
    slop (3.6.0)

PLATFORMS
  ruby

DEPENDENCIES
  alphred!
  minitest
  pry

BUNDLED WITH
   1.11.2
